PATH
  remote: .
  specs:
    wordnik (4.12)
      activemodel (>= 3.0.3)
      addressable (>= 2.2.4)
      htmlentities (>= 4.2.4)
      json (>= 2.6.3)
      nokogiri (>= 1.15.4)
      typhoeus (>= 1.4.0)

GEM
  remote: http://rubygems.org/
  specs:
    ZenTest (4.12.1)
    activemodel (3.2.7)
      activesupport (= 3.2.7)
      builder (~> 3.0.0)
    activesupport (3.2.7)
      i18n (~> 0.6)
      multi_json (~> 1.0)
    addressable (2.8.5)
      public_suffix (>= 2.0.2, < 6.0)
    autotest (4.4.6)
      ZenTest (>= 4.4.1)
    autotest-rails-pure (4.1.2)
    builder (3.0.3)
    crack (0.4.5)
      rexml
    diff-lcs (1.5.0)
    ethon (0.16.0)
      ffi (>= 1.15.0)
    ffi (1.16.3)
    hashdiff (1.0.1)
    htmlentities (4.3.1)
    i18n (0.6.1)
    json (2.6.3)
    mini_portile2 (2.8.4)
    multi_json (1.3.6)
    nokogiri (1.15.4)
      mini_portile2 (~> 2.8.2)
      racc (~> 1.4)
    public_suffix (5.0.3)
    racc (1.7.1)
    rake (0.9.2.2)
    rexml (3.2.6)
    rspec (3.12.0)
      rspec-core (~> 3.12.0)
      rspec-expectations (~> 3.12.0)
      rspec-mocks (~> 3.12.0)
    rspec-core (3.12.2)
      rspec-support (~> 3.12.0)
    rspec-expectations (3.12.3)
      diff-lcs (>= 1.2.0, < 2.0)
      rspec-support (~> 3.12.0)
    rspec-mocks (3.12.6)
      diff-lcs (>= 1.2.0, < 2.0)
      rspec-support (~> 3.12.0)
    rspec-support (3.12.1)
    typhoeus (1.4.0)
      ethon (>= 0.9.0)
    vcr (6.2.0)
    webmock (3.19.1)
      addressable (>= 2.8.0)
      crack (>= 0.3.2)
      hashdiff (>= 0.4.0, < 2.0.0)

PLATFORMS
  ruby

DEPENDENCIES
  autotest
  autotest-rails-pure
  rake
  rspec (~> 3.12.0)
  vcr (~> 6.2.0)
  webmock (>= 3.19.1)
  wordnik!

BUNDLED WITH
   2.4.13
